PATH
  remote: .
  specs:
    exportation (0.1.0)
      commander (~> 4.3)
      dotenv (~> 0.7)

GEM
  remote: https://rubygems.org/
  specs:
    commander (4.3.0)
      highline (~> 1.6.11)
    dotenv (0.11.1)
      dotenv-deployment (~> 0.0.2)
    dotenv-deployment (0.0.2)
    highline (1.6.21)

PLATFORMS
  ruby

DEPENDENCIES
  exportation!
