PATH
  remote: .
  specs:
    exportation (0.2.3)
      colorize (~> 0.7)
      commander (~> 4.3)
      dotenv (~> 0.7)
      terminal-notifier (~> 1.6)

GEM
  remote: https://rubygems.org/
  specs:
    colorize (0.7.5)
    commander (4.3.0)
      highline (~> 1.6.11)
    diff-lcs (1.2.5)
    dotenv (0.11.1)
      dotenv-deployment (~> 0.0.2)
    dotenv-deployment (0.0.2)
    highline (1.6.21)
    rspec (3.1.0)
      rspec-core (~> 3.1.0)
      rspec-expectations (~> 3.1.0)
      rspec-mocks (~> 3.1.0)
    rspec-core (3.1.7)
      rspec-support (~> 3.1.0)
    rspec-expectations (3.1.2)
      diff-lcs (>= 1.2.0, < 2.0)
      rspec-support (~> 3.1.0)
    rspec-mocks (3.1.3)
      rspec-support (~> 3.1.0)
    rspec-support (3.1.2)
    terminal-notifier (1.6.2)

PLATFORMS
  ruby

DEPENDENCIES
  exportation!
  rspec
